PATH
  remote: .
  specs:
    resources (1)
      dry-matcher
      dry-monads
      dry-struct
      dry-validation

GEM
  remote: https://rubygems.org/
  specs:
    activemodel (7.0.8.1)
      activesupport (= 7.0.8.1)
    activerecord (7.0.8.1)
      activemodel (= 7.0.8.1)
      activesupport (= 7.0.8.1)
    activesupport (7.0.8.1)
      concurrent-ruby (~> 1.0, >= 1.0.2)
      i18n (>= 1.6, < 2)
      minitest (>= 5.1)
      tzinfo (~> 2.0)
    ast (2.4.2)
    concurrent-ruby (1.3.3)
    database_cleaner-active_record (2.1.0)
      activerecord (>= 5.a)
      database_cleaner-core (~> 2.0.0)
    database_cleaner-core (2.0.1)
    diff-lcs (1.5.0)
    dry-configurable (0.11.6)
      concurrent-ruby (~> 1.0)
      dry-core (~> 0.4, >= 0.4.7)
      dry-equalizer (~> 0.2)
    dry-container (0.7.2)
      concurrent-ruby (~> 1.0)
      dry-configurable (~> 0.1, >= 0.1.3)
    dry-core (0.4.9)
      concurrent-ruby (~> 1.0)
    dry-equalizer (0.3.0)
    dry-inflector (0.2.0)
    dry-initializer (3.0.3)
    dry-interface (1.0.4)
      activesupport
      dry-struct
      dry-types
    dry-logic (1.0.6)
      concurrent-ruby (~> 1.0)
      dry-core (~> 0.2)
      dry-equalizer (~> 0.2)
    dry-matcher (0.8.3)
      dry-core (>= 0.4.8)
    dry-monads (1.3.5)
      concurrent-ruby (~> 1.0)
      dry-core (~> 0.4, >= 0.4.4)
      dry-equalizer
    dry-schema (1.5.2)
      concurrent-ruby (~> 1.0)
      dry-configurable (~> 0.8, >= 0.8.3)
      dry-core (~> 0.4)
      dry-equalizer (~> 0.2)
      dry-initializer (~> 3.0)
      dry-logic (~> 1.0)
      dry-types (~> 1.4)
    dry-struct (1.3.0)
      dry-core (~> 0.4, >= 0.4.4)
      dry-equalizer (~> 0.3)
      dry-types (~> 1.3)
      ice_nine (~> 0.11)
    dry-transformer (1.0.1)
      zeitwerk (~> 2.6)
    dry-types (1.4.0)
      concurrent-ruby (~> 1.0)
      dry-container (~> 0.3)
      dry-core (~> 0.4, >= 0.4.4)
      dry-equalizer (~> 0.3)
      dry-inflector (~> 0.1, >= 0.1.2)
      dry-logic (~> 1.0, >= 1.0.2)
    dry-validation (1.6.0)
      concurrent-ruby (~> 1.0)
      dry-container (~> 0.7, >= 0.7.1)
      dry-core (~> 0.4)
      dry-equalizer (~> 0.2)
      dry-initializer (~> 3.0)
      dry-schema (~> 1.5, >= 1.5.2)
    factory_bot (6.4.2)
      activesupport (>= 5.0.0)
    faker (3.2.0)
      i18n (>= 1.8.11, < 2)
    i18n (1.14.5)
      concurrent-ruby (~> 1.0)
    ice_nine (0.11.2)
    json (2.6.3)
    language_server-protocol (3.17.0.3)
    logger (1.6.0)
    mini_portile2 (2.8.7)
    minitest (5.24.0)
    oj (3.10.5)
    parallel (1.22.1)
    parser (3.2.2.4)
      ast (~> 2.4.1)
      racc
    pg (1.3.5)
    prism (0.30.0)
    racc (1.6.2)
    rainbow (3.1.1)
    rake (13.2.1)
    rbs (3.5.1)
      logger
    regexp_parser (2.6.1)
    remap (2.0.3)
      activesupport
      dry-configurable
      dry-core
      dry-initializer
      dry-interface
      dry-logic
      dry-monads
      dry-schema
      dry-struct
      dry-types
      dry-validation
      rake
      zeitwerk
    rexml (3.2.8)
      strscan (>= 3.0.9)
    rom-core (5.2.6)
      concurrent-ruby (~> 1.1)
      dry-container (~> 0.7)
      dry-core (~> 0.4)
      dry-equalizer (~> 0.2)
      dry-inflector (~> 0.1)
      dry-initializer (~> 3.0, >= 3.0.1)
      dry-struct (~> 1.0)
      dry-types (~> 1.0)
      transproc (~> 1.0, >= 1.1.0)
    rspec (3.12.0)
      rspec-core (~> 3.12.0)
      rspec-expectations (~> 3.12.0)
      rspec-mocks (~> 3.12.0)
    rspec-core (3.12.2)
      rspec-support (~> 3.12.0)
    rspec-expectations (3.12.2)
      diff-lcs (>= 1.2.0, < 2.0)
      rspec-support (~> 3.12.0)
    rspec-mocks (3.12.5)
      diff-lcs (>= 1.2.0, < 2.0)
      rspec-support (~> 3.12.0)
    rspec-support (3.12.0)
    rubocop (1.38.0)
      json (~> 2.3)
      parallel (~> 1.10)
      parser (>= 3.1.2.1)
      rainbow (>= 2.2.2, < 4.0)
      regexp_parser (>= 1.8, < 3.0)
      rexml (>= 3.2.5, < 4.0)
      rubocop-ast (>= 1.23.0, < 2.0)
      ruby-progressbar (~> 1.7)
      unicode-display_width (>= 1.4.0, < 3.0)
    rubocop-ast (1.23.0)
      parser (>= 3.1.1.0)
    ruby-lsp (0.17.4)
      language_server-protocol (~> 3.17.0)
      prism (>= 0.29.0, < 0.31)
      rbs (>= 3, < 4)
      sorbet-runtime (>= 0.5.10782)
    ruby-lsp-rspec (0.1.12)
      ruby-lsp (~> 0.17.0)
    ruby-progressbar (1.11.0)
    sorbet-runtime (0.5.11466)
    sqlite3 (1.7.3)
      mini_portile2 (~> 2.8.0)
    sqlite3 (1.7.3-arm64-darwin)
    strscan (3.1.0)
    test-prof (1.3.3)
    transproc (1.1.1)
    tzinfo (2.0.6)
      concurrent-ruby (~> 1.0)
    unicode-display_width (1.8.0)
    zeitwerk (2.6.13)

PLATFORMS
  arm64-darwin-22
  ruby

DEPENDENCIES
  activerecord (~> 7.0.8.1)
  database_cleaner-active_record
  dry-configurable
  dry-monads
  dry-struct
  dry-transformer
  dry-types
  factory_bot
  faker
  oj
  pg (~> 1.3.5)
  rake (~> 13.0)
  remap
  resources!
  rom-core
  rspec (~> 3.0)
  rubocop (~> 1.21)
  ruby-lsp
  ruby-lsp-rspec
  sqlite3 (~> 1.4)
  test-prof
  zeitwerk

BUNDLED WITH
   2.5.13
